GIT
  remote: git://github.com/benders/twitter-auth.git
  revision: 2e2327d460800e4dd59c8618d3db727336937306
  branch: rails_3
  specs:
    twitter-auth (0.1.22)
      ezcrypto (>= 0.7.2)
      oauth (>= 0.3.1)

GIT
  remote: git://github.com/bikeexchange/jquery-rjs.git
  revision: d30b959e133f4457cad6452885638cc55b2b70f7
  specs:
    jquery-rjs (0.1.1)
      jquery-rails
      rails (~> 3.2)

GIT
  remote: git://github.com/duncanbeevers/rails_view_annotator.git
  revision: e4e6661fc0957b78f7e2536297c2e3b1e826894b
  specs:
    rails_view_annotator (0.0.6)

GIT
  remote: git://github.com/rbjarnason/tr8n.git
  revision: 9505c0fa23989783c3217803130ac497c1152ce5
  specs:
    tr8n (3.1.8)
      coffee-script
      kaminari
      rails (>= 3.1.0)
      sass
      will_filter (>= 3.1.2)

GEM
  remote: https://rubygems.org/
  specs:
    actionmailer (3.2.3)
      actionpack (= 3.2.3)
      mail (~> 2.4.4)
    actionpack (3.2.3)
      activemodel (= 3.2.3)
      activesupport (= 3.2.3)
      builder (~> 3.0.0)
      erubis (~> 2.7.0)
      journey (~> 1.0.1)
      rack (~> 1.4.0)
      rack-cache (~> 1.2)
      rack-test (~> 0.6.1)
      sprockets (~> 2.1.2)
    activemodel (3.2.3)
      activesupport (= 3.2.3)
      builder (~> 3.0.0)
    activerecord (3.2.3)
      activemodel (= 3.2.3)
      activesupport (= 3.2.3)
      arel (~> 3.0.2)
      tzinfo (~> 0.3.29)
    activeresource (3.2.3)
      activemodel (= 3.2.3)
      activesupport (= 3.2.3)
    activesupport (3.2.3)
      i18n (~> 0.6)
      multi_json (~> 1.0)
    addressable (2.2.7)
    airbrake (3.0.9)
      activesupport
      builder
    ansi (1.4.2)
    arel (3.0.2)
    auto_html (1.5.1)
      redcarpet (~> 2.0.0)
      rinku (~> 1.5.0)
    awesome_print (1.0.2)
    builder (3.0.0)
    capistrano (2.12.0)
      highline
      net-scp (>= 1.0.0)
      net-sftp (>= 2.0.0)
      net-ssh (>= 2.0.14)
      net-ssh-gateway (>= 1.1.0)
    capistrano_colors (0.5.5)
    childprocess (0.3.2)
      ffi (~> 1.0.6)
    chronic (0.6.7)
    ckeditor (3.6.3)
      mime-types (~> 1.16)
      orm_adapter (~> 0.0.5)
    cocaine (0.2.1)
    coderay (1.0.6)
    coffee-script (2.2.0)
      coffee-script-source
      execjs
    coffee-script-source (1.3.1)
    daemons (1.0.10)
    dalli (2.0.3)
    delayed_job (2.1.4)
      activesupport (~> 3.0)
      daemons
    erubis (2.7.0)
    execjs (1.3.0)
      multi_json (~> 1.0)
    ezcrypto (0.7.2)
    facebooker2 (0.0.16)
      mogli (>= 0.0.33)
      ruby-hmac
    factory_girl (3.1.1)
      activesupport (>= 3.0.0)
    factory_girl_rails (3.1.0)
      factory_girl (~> 3.1.0)
      railties (>= 3.0.0)
    ffi (1.0.11)
    gem_plugin (0.2.3)
    geoip (1.1.2)
    googlecharts (1.6.8)
    haml (3.1.4)
    haml-rails (0.3.4)
      actionpack (~> 3.0)
      activesupport (~> 3.0)
      haml (~> 3.0)
      railties (~> 3.0)
    hashie (1.1.0)
    headless (0.3.1)
    highline (1.6.11)
    hike (1.2.1)
    hpricot (0.8.6)
    htmlentities (4.3.1)
    httmultiparty (0.3.7)
      httparty (>= 0.7.3)
      multipart-post
    httparty (0.8.3)
      multi_json (~> 1.0)
      multi_xml
    i18n (0.6.0)
    journey (1.0.3)
    jquery-rails (2.0.2)
      railties (>= 3.2.0, < 5.0)
      thor (~> 0.14)
    jquery-ui-rails (0.3.0)
      jquery-rails
      railties (>= 3.1.0)
    json (1.6.6)
    kaminari (0.13.0)
      actionpack (>= 3.0.0)
      activesupport (>= 3.0.0)
      railties (>= 3.0.0)
    kgio (2.7.4)
    libv8 (3.3.10.4)
    libwebsocket (0.1.3)
      addressable
    mail (2.4.4)
      i18n (>= 0.4.0)
      mime-types (~> 1.16)
      treetop (~> 1.4.8)
    method_source (0.7.1)
    mime-types (1.18)
    mogli (0.0.37)
      hashie (~> 1.1.0)
      httmultiparty (>= 0.3.6)
      httparty (>= 0.4.3)
      multi_json (~> 1.0.3)
    mongrel (1.2.0.pre2)
      daemons (~> 1.0.10)
      gem_plugin (~> 0.2.3)
    multi_json (1.0.4)
    multi_xml (0.4.4)
    multipart-post (1.1.5)
    mysql2 (0.3.11)
    net-scp (1.0.4)
      net-ssh (>= 1.99.1)
    net-sftp (2.0.5)
      net-ssh (>= 2.0.9)
    net-ssh (2.3.0)
    net-ssh-gateway (1.1.0)
      net-ssh (>= 1.99.1)
    newrelic_rpm (3.3.4)
    nokogiri (1.5.2)
    oauth (0.4.6)
    orm_adapter (0.0.7)
    paperclip (3.0.2)
      activemodel (>= 3.0.0)
      activerecord (>= 3.0.0)
      activesupport (>= 3.0.0)
      cocaine (>= 0.0.2)
      mime-types
    polyglot (0.3.3)
    pry (0.9.9.3)
      coderay (~> 1.0.5)
      method_source (~> 0.7.1)
      slop (>= 2.4.4, < 3)
    pry-rails (0.1.6)
      pry
    rack (1.4.1)
    rack-cache (1.2)
      rack (>= 0.4)
    rack-openid (1.3.1)
      rack (>= 1.1.0)
      ruby-openid (>= 2.1.8)
    rack-ssl (1.3.2)
      rack
    rack-test (0.6.1)
      rack (>= 1.0)
    rails (3.2.3)
      actionmailer (= 3.2.3)
      actionpack (= 3.2.3)
      activerecord (= 3.2.3)
      activeresource (= 3.2.3)
      activesupport (= 3.2.3)
      bundler (~> 1.0)
      railties (= 3.2.3)
    rails-dev-boost (0.1.1)
    railties (3.2.3)
      actionpack (= 3.2.3)
      activesupport (= 3.2.3)
      rack-ssl (~> 1.3.2)
      rake (>= 0.8.7)
      rdoc (~> 3.4)
      thor (~> 0.14.6)
    rake (0.9.2.2)
    rdoc (3.12)
      json (~> 1.4)
    recaptcha (0.3.4)
    redcarpet (2.0.1)
    riddle (1.5.1)
    rinku (1.5.1)
    rmagick (2.12.2)
    ruby-hmac (0.4.0)
    ruby-openid (2.1.8)
    ruby-prof (0.10.8)
    rubyzip (0.9.7)
    rvm-capistrano (1.1.0)
      capistrano (>= 2.0.0)
    sass (3.1.16)
    sass-rails (3.2.5)
      railties (~> 3.2.0)
      sass (>= 3.1.10)
      tilt (~> 1.3)
    selenium-webdriver (2.21.2)
      childprocess (>= 0.2.5)
      ffi (~> 1.0)
      libwebsocket (~> 0.1.3)
      multi_json (~> 1.0)
      rubyzip
    slop (2.4.4)
    sprockets (2.1.2)
      hike (~> 1.2)
      rack (~> 1.0)
      tilt (~> 1.1, != 1.3.0)
    sunlight (1.1.0)
      json (>= 1.1.3)
      ym4r (>= 0.6.1)
    sys-filesystem (1.0.0)
      ffi (>= 1.0.0)
    therubyracer (0.10.1)
      libv8 (~> 3.3.10)
    thinking-sphinx (2.0.11)
      activerecord (>= 3.0.3)
      builder (>= 2.1.2)
      riddle (>= 1.5.0)
    thor (0.14.6)
    tidy-ext (0.1.12)
    tilt (1.3.3)
    treetop (1.4.10)
      polyglot
      polyglot (>= 0.3.1)
    turn (0.8.3)
      ansi
    tzinfo (0.3.33)
    uglifier (1.2.4)
      execjs (>= 0.3.0)
      multi_json (>= 1.0.2)
    watir-webdriver (0.5.5)
      selenium-webdriver (>= 2.18.0)
    whenever (0.7.3)
      activesupport (>= 2.3.4)
      chronic (~> 0.6.3)
    will_filter (3.1.8)
      kaminari
      rails (>= 3.2.3)
      sass
    will_paginate (3.0.3)
    workflow (0.8.1)
    ym4r (0.6.1)

PLATFORMS
  ruby

DEPENDENCIES
  airbrake
  auto_html
  awesome_print
  capistrano_colors
  ckeditor (= 3.6.3)
  daemons
  dalli
  delayed_job (= 2.1.4)
  execjs
  facebooker2 (>= 0.0.16)
  factory_girl_rails
  geoip
  googlecharts
  haml-rails
  headless
  hpricot (>= 0.6)
  htmlentities
  jquery-rails
  jquery-rjs!
  jquery-ui-rails
  kaminari
  kgio
  mogli (>= 0.0.33)
  mongrel (>= 1.2.0.pre2)
  mysql2
  newrelic_rpm
  nokogiri
  oauth (>= 0.3.1)
  paperclip
  pry-rails
  rack-openid
  rails (= 3.2.3)
  rails-dev-boost
  rails_view_annotator!
  recaptcha
  rmagick (= 2.12.2)
  ruby-openid
  ruby-prof
  rvm-capistrano
  sass-rails (~> 3.2.3)
  sunlight (>= 0.9)
  sys-filesystem
  therubyracer
  thinking-sphinx
  tidy-ext
  tr8n!
  turn (~> 0.8.3)
  twitter-auth!
  uglifier (>= 1.0.3)
  watir-webdriver
  whenever
  will_filter
  will_paginate
  workflow
